GEM
  remote: https://rubygems.org/
  specs:
    ffi (1.11.1)
    fiddle (1.0.0)
    rake (12.3.3)
    rtmidi (0.3)
      ffi (~> 1.9)

PLATFORMS
  ruby

DEPENDENCIES
  fiddle
  rake
  rtmidi

BUNDLED WITH
   2.0.2
